GEM
  remote: http://rubygems.org/
  specs:
    directory_watcher (1.4.1)
    eventmachine (0.12.10)
    redcarpet (2.0.0)

PLATFORMS
  ruby

DEPENDENCIES
  directory_watcher
  eventmachine
  redcarpet
